GEM
  remote: https://rubygems.org/
  specs:
    aws-flow (1.2.0)
      aws-sdk (~> 1, >= 1.39.0)
    aws-sdk (1.43.3)
      json (~> 1.4)
      nokogiri (>= 1.4.4)
    json (1.8.1)
    mini_portile (0.6.0)
    nokogiri (1.6.2.1)
      mini_portile (= 0.6.0)

PLATFORMS
  ruby

DEPENDENCIES
  aws-flow
  aws-sdk
